GEM
  remote: https://rubygems.org/
  specs:
    addressable (2.6.0)
      public_suffix (>= 2.0.2, < 4.0)
    ast (2.4.1)
    childprocess (3.0.0)
    coderay (1.1.2)
    diff-lcs (1.3)
    docile (1.3.2)
    ffi (1.11.1)
    formatador (0.2.5)
    guard (2.15.0)
      formatador (>= 0.2.4)
      listen (>= 2.7, < 4.0)
      lumberjack (>= 1.0.12, < 2.0)
      nenv (~> 0.1)
      notiffany (~> 0.0)
      pry (>= 0.9.12)
      shellany (~> 0.0)
      thor (>= 0.18.1)
    guard-bundler (2.2.1)
      bundler (>= 1.3.0, < 3)
      guard (~> 2.2)
      guard-compat (~> 1.1)
    guard-compat (1.2.1)
    guard-rspec (4.7.3)
      guard (~> 2.1)
      guard-compat (~> 1.1)
      rspec (>= 2.99.0, < 4.0)
    guard-rubocop (1.3.0)
      guard (~> 2.0)
      rubocop (~> 0.20)
    iniparse (1.5.0)
    json-schema (2.8.1)
      addressable (>= 2.4)
    listen (3.1.5)
      rb-fsevent (~> 0.9, >= 0.9.4)
      rb-inotify (~> 0.9, >= 0.9.7)
      ruby_dep (~> 1.2)
    lumberjack (1.0.13)
    method_source (1.0.0)
    nenv (0.3.0)
    notiffany (0.1.1)
      nenv (~> 0.1)
      shellany (~> 0.0)
    overcommit (0.53.0)
      childprocess (>= 0.6.3, < 4)
      iniparse (~> 1.4)
    parallel (1.19.2)
    parser (2.7.1.4)
      ast (~> 2.4.1)
    pry (0.13.1)
      coderay (~> 1.1)
      method_source (~> 1.0)
    public_suffix (3.1.1)
    rainbow (3.0.0)
    rake (13.0.1)
    rb-fsevent (0.10.3)
    rb-inotify (0.10.0)
      ffi (~> 1.0)
    regexp_parser (1.7.1)
    rexml (3.2.4)
    rspec (3.9.0)
      rspec-core (~> 3.9.0)
      rspec-expectations (~> 3.9.0)
      rspec-mocks (~> 3.9.0)
    rspec-core (3.9.1)
      rspec-support (~> 3.9.1)
    rspec-expectations (3.9.0)
      diff-lcs (>= 1.2.0, < 2.0)
      rspec-support (~> 3.9.0)
    rspec-mocks (3.9.1)
      diff-lcs (>= 1.2.0, < 2.0)
      rspec-support (~> 3.9.0)
    rspec-support (3.9.2)
    rubocop (0.87.0)
      parallel (~> 1.10)
      parser (>= 2.7.1.1)
      rainbow (>= 2.2.2, < 4.0)
      regexp_parser (>= 1.7)
      rexml
      rubocop-ast (>= 0.1.0, < 1.0)
      ruby-progressbar (~> 1.7)
      unicode-display_width (>= 1.4.0, < 2.0)
    rubocop-ast (0.1.0)
      parser (>= 2.7.0.1)
    rubocop-performance (1.6.0)
      rubocop (>= 0.71.0)
    rubocop-rspec (1.39.0)
      rubocop (>= 0.68.1)
    ruby-progressbar (1.10.1)
    ruby_dep (1.5.0)
    shellany (0.0.1)
    simplecov (0.18.5)
      docile (~> 1.1)
      simplecov-html (~> 0.11)
    simplecov-html (0.12.2)
    thor (0.20.3)
    unicode-display_width (1.7.0)

PLATFORMS
  ruby

DEPENDENCIES
  guard-bundler
  guard-rspec
  guard-rubocop
  json-schema
  overcommit
  pry
  rake
  rspec
  rubocop
  rubocop-performance
  rubocop-rspec
  simplecov

RUBY VERSION
   ruby 2.6.5p114

BUNDLED WITH
   1.17.2
